FRAMEWORK: NET45
NUGET
  remote: https://nuget.org/api/v2
  specs:
    DotLiquid (1.8.0)
    FSharp.Core (4.0.0.1)
    Suave (1.0.0-beta2)
      FSharp.Core (>= 3.1.2.5)
    Suave.DotLiquid (1.0.0-beta2)
      DotLiquid (>= 1.8.0)
      FSharp.Core (>= 3.1.2.5)
      Suave (>= 1.0.0-beta2)
